GEM
  remote: https://rubygems.org/
  specs:
    activesupport (5.0.0.1)
      concurrent-ruby (~> 1.0, >= 1.0.2)
      i18n (~> 0.7)
      minitest (~> 5.1)
      tzinfo (~> 1.1)
    concurrent-ruby (1.0.2)
    httparty (0.14.0)
      multi_xml (>= 0.5.2)
    i18n (0.7.0)
    mini_portile2 (2.1.0)
    minitest (5.9.1)
    multi_xml (0.5.5)
    nokogiri (1.6.8.1)
      mini_portile2 (~> 2.1.0)
    thread_safe (0.3.5)
    tzinfo (1.2.2)
      thread_safe (~> 0.1)

PLATFORMS
  ruby

DEPENDENCIES
  activesupport
  httparty
  nokogiri

BUNDLED WITH
   1.13.1
